PATH
  remote: .
  specs:
    mshultz_palindrome (0.2.1)

GEM
  remote: https://rubygems.org/
  specs:
    ansi (1.5.0)
    builder (3.2.4)
    minitest (5.15.0)
    minitest-reporters (1.2.0)
      ansi
      builder
      minitest (>= 5.0)
      ruby-progressbar
    rake (13.0.6)
    ruby-progressbar (1.11.0)

PLATFORMS
  universal-darwin-21

DEPENDENCIES
  minitest (~> 5.0)
  minitest-reporters (= 1.2.0)
  mshultz_palindrome!
  rake (~> 13.0)

BUNDLED WITH
   2.2.17
